GEM
  remote: https://rubygems.org/
  specs:
    colorator (0.1)
    commonjs (0.2.7)
    ffi (1.15.0)
    jekyll (3.1.2)
      colorator (~> 0.1)
      jekyll-sass-converter (~> 1.0)
      jekyll-watch (~> 1.1)
      kramdown (~> 1.3)
      liquid (~> 3.0)
      mercenary (~> 0.3.3)
      rouge (~> 1.7)
      safe_yaml (~> 1.0)
    jekyll-less (0.0.4)
      jekyll (>= 0.10.0)
      less (>= 2.0.5)
    jekyll-paginate (1.1.0)
    jekyll-sass-converter (1.4.0)
      sass (~> 3.4)
    jekyll-tagging (1.0.1)
      ruby-nuggets
    jekyll-watch (1.3.1)
      listen (~> 3.0)
    kramdown (1.9.0)
    less (2.6.0)
      commonjs (~> 0.2.7)
    libv8 (3.16.14.13)
    liquid (3.0.6)
    listen (3.0.6)
      rb-fsevent (>= 0.9.3)
      rb-inotify (>= 0.9.7)
    mercenary (0.3.5)
    nuggets (1.0.0)
    posix-spawn (0.3.11)
    pygments.rb (0.6.3)
      posix-spawn (~> 0.3.6)
      yajl-ruby (~> 1.2.0)
    rake (10.5.0)
    rb-fsevent (0.9.7)
    rb-inotify (0.9.7)
      ffi (>= 0.5.0)
    redcarpet (3.3.4)
    ref (2.0.0)
    rouge (1.10.1)
    ruby-nuggets (1.0.0)
      nuggets (= 1.0.0)
    safe_yaml (1.0.4)
    sass (3.4.21)
    therubyracer (0.12.2)
      libv8 (~> 3.16.14.0)
      ref
    yajl-ruby (1.2.1)

PLATFORMS
  ruby

DEPENDENCIES
  jekyll (= 3.1.2)
  jekyll-less
  jekyll-paginate
  jekyll-tagging
  pygments.rb
  rake
  redcarpet
  therubyracer

BUNDLED WITH
   1.11.2
