GEM
  remote: https://rubygems.org/
  specs:
    classifier (1.3.4)
      fast-stemmer (>= 1.0.0)
    colorator (0.1)
    commander (4.1.6)
      highline (~> 1.6.11)
    commonjs (0.2.7)
    directory_watcher (1.4.1)
    fast-stemmer (1.0.2)
    highline (1.6.21)
    jekyll (1.2.1)
      classifier (~> 1.3)
      colorator (~> 0.1)
      commander (~> 4.1.3)
      directory_watcher (~> 1.4.1)
      liquid (~> 2.5.2)
      maruku (~> 0.5)
      pygments.rb (~> 0.5.0)
      redcarpet (~> 2.3.0)
      safe_yaml (~> 0.7.0)
    jekyll-less (0.0.4)
      jekyll (>= 0.10.0)
      less (>= 2.0.5)
    less (2.6.0)
      commonjs (~> 0.2.7)
    libv8 (3.16.14.13)
    liquid (2.5.5)
    maruku (0.7.2)
    posix-spawn (0.3.11)
    pygments.rb (0.5.4)
      posix-spawn (~> 0.3.6)
      yajl-ruby (~> 1.1.0)
    rake (10.4.2)
    redcarpet (2.3.0)
    ref (2.0.0)
    safe_yaml (0.7.1)
    therubyracer (0.12.2)
      libv8 (~> 3.16.14.0)
      ref
    yajl-ruby (1.1.0)

PLATFORMS
  ruby

DEPENDENCIES
  jekyll (= 1.2.1)
  jekyll-less
  rake
  therubyracer

BUNDLED WITH
   1.10.6
